PATH
  remote: .
  specs:
    solokit (0.1.7)
      activesupport (>= 3.0.0)

GEM
  remote: http://rubygems.org/
  specs:
    activesupport (3.2.3)
      i18n (~> 0.6)
      multi_json (~> 1.0)
    i18n (0.6.0)
    multi_json (1.3.2)

PLATFORMS
  ruby

DEPENDENCIES
  bundler
  solokit!
