PATH
  remote: .
  specs:
    solokit (0.0.2)
      activesupport (>= 3.0.0)

GEM
  remote: http://rubygems.org/
  specs:
    activesupport (3.0.9)

PLATFORMS
  ruby

DEPENDENCIES
  bundler
  solokit!
